PATH
  remote: .
  specs:
    bomdb (0.9.1)
      colorize (~> 0.7)
      constellation (~> 0.1)
      levenshtein-ffi (~> 1.1)
      mericope (~> 0.3)
      sequel (~> 4.49)
      sqlite3 (~> 1.4)
      text_clean (~> 0)
      thor (~> 0.20)

GEM
  remote: https://rubygems.org/
  specs:
    activesupport (5.2.3)
      concurrent-ruby (~> 1.0, >= 1.0.2)
      i18n (>= 0.7, < 2)
      minitest (~> 5.1)
      tzinfo (~> 1.1)
    byebug (4.0.5)
      columnize (= 0.9.0)
    colorize (0.8.1)
    columnize (0.9.0)
    concurrent-ruby (1.1.5)
    constellation (0.1.1)
      multi_json
    diff-lcs (1.3)
    ffi (1.11.1)
    i18n (1.6.0)
      concurrent-ruby (~> 1.0)
    levenshtein-ffi (1.1.0)
      ffi (~> 1.9)
    mericope (0.3.0)
      activesupport (~> 5.0)
    minitest (5.11.3)
    multi_json (1.13.1)
    rake (13.0.1)
    rspec (3.7.0)
      rspec-core (~> 3.7.0)
      rspec-expectations (~> 3.7.0)
      rspec-mocks (~> 3.7.0)
    rspec-core (3.7.1)
      rspec-support (~> 3.7.0)
    rspec-expectations (3.7.0)
      diff-lcs (>= 1.2.0, < 2.0)
      rspec-support (~> 3.7.0)
    rspec-mocks (3.7.0)
      diff-lcs (>= 1.2.0, < 2.0)
      rspec-support (~> 3.7.0)
    rspec-support (3.7.1)
    sequel (4.49.0)
    sqlite3 (1.4.1)
    text_clean (0.2.2)
    thor (0.20.3)
    thread_safe (0.3.6)
    tzinfo (1.2.5)
      thread_safe (~> 0.1)

PLATFORMS
  ruby

DEPENDENCIES
  bomdb!
  byebug (~> 4.0)
  rake (~> 13.0)
  rspec (~> 3.2)

BUNDLED WITH
   1.17.2
