PATH
  remote: .
  specs:
    bomdb (0.9.1)
      colorize (~> 0.7)
      constellation (~> 0.1)
      damerau-levenshtein (~> 1.3)
      mericope (~> 0.3)
      sequel (~> 4.49)
      sqlite3 (~> 1.4)
      text_clean (~> 0)
      thor (~> 0.20)

GEM
  remote: https://rubygems.org/
  specs:
    activesupport (5.2.3)
      concurrent-ruby (~> 1.0, >= 1.0.2)
      i18n (>= 0.7, < 2)
      minitest (~> 5.1)
      tzinfo (~> 1.1)
    byebug (11.1.3)
    colorize (0.8.1)
    concurrent-ruby (1.1.5)
    constellation (0.1.1)
      multi_json
    damerau-levenshtein (1.3.3)
    diff-lcs (1.3)
    i18n (1.6.0)
      concurrent-ruby (~> 1.0)
    mericope (0.3.0)
      activesupport (~> 5.0)
    minitest (5.11.3)
    multi_json (1.13.1)
    rake (10.5.0)
    rspec (3.7.0)
      rspec-core (~> 3.7.0)
      rspec-expectations (~> 3.7.0)
      rspec-mocks (~> 3.7.0)
    rspec-core (3.7.1)
      rspec-support (~> 3.7.0)
    rspec-expectations (3.7.0)
      diff-lcs (>= 1.2.0, < 2.0)
      rspec-support (~> 3.7.0)
    rspec-mocks (3.7.0)
      diff-lcs (>= 1.2.0, < 2.0)
      rspec-support (~> 3.7.0)
    rspec-support (3.7.1)
    sequel (4.49.0)
    sqlite3 (1.4.1)
    text_clean (0.2.2)
    thor (0.20.3)
    thread_safe (0.3.6)
    tzinfo (1.2.5)
      thread_safe (~> 0.1)

PLATFORMS
  ruby

DEPENDENCIES
  bomdb!
  byebug (~> 11.0)
  rake (~> 10.0)
  rspec (~> 3.2)

BUNDLED WITH
   2.2.22
