PATH
  remote: .
  specs:
    bomdb (1.0.0)
      colorize (~> 0.7)
      constellation (~> 0.1)
      damerau-levenshtein (~> 1.3)
      mericope (~> 0.3)
      sequel (~> 5.68)
      sqlite3 (~> 1.6)
      text_clean (~> 0)
      thor (~> 1.2)

GEM
  remote: https://rubygems.org/
  specs:
    activesupport (5.2.8.1)
      concurrent-ruby (~> 1.0, >= 1.0.2)
      i18n (>= 0.7, < 2)
      minitest (~> 5.1)
      tzinfo (~> 1.1)
    byebug (11.1.3)
    colorize (0.8.1)
    concurrent-ruby (1.2.2)
    constellation (0.1.1)
      multi_json
    damerau-levenshtein (1.3.3)
    diff-lcs (1.5.0)
    i18n (1.13.0)
      concurrent-ruby (~> 1.0)
    mericope (0.3.0)
      activesupport (~> 5.0)
    mini_portile2 (2.8.2)
    minitest (5.18.0)
    multi_json (1.15.0)
    rake (10.5.0)
    rspec (3.12.0)
      rspec-core (~> 3.12.0)
      rspec-expectations (~> 3.12.0)
      rspec-mocks (~> 3.12.0)
    rspec-core (3.12.2)
      rspec-support (~> 3.12.0)
    rspec-expectations (3.12.3)
      diff-lcs (>= 1.2.0, < 2.0)
      rspec-support (~> 3.12.0)
    rspec-mocks (3.12.5)
      diff-lcs (>= 1.2.0, < 2.0)
      rspec-support (~> 3.12.0)
    rspec-support (3.12.0)
    sequel (5.68.0)
    sqlite3 (1.6.3)
      mini_portile2 (~> 2.8.0)
    text_clean (0.2.2)
    thor (1.2.2)
    thread_safe (0.3.6)
    tzinfo (1.2.11)
      thread_safe (~> 0.1)

PLATFORMS
  ruby

DEPENDENCIES
  bomdb!
  byebug (~> 11.0)
  rake (~> 10.0)
  rspec (~> 3.2)

BUNDLED WITH
   2.2.22
